GEM
  remote: https://rubygems.org/
  specs:
    rack (1.6.5)
    rack-protection (1.5.3)
      rack
    sinatra (1.4.8)
      rack (~> 1.5)
      rack-protection (~> 1.4)
      tilt (>= 1.3, < 3)
    tilt (2.0.7)

PLATFORMS
  ruby

DEPENDENCIES
  sinatra
<<<<<<< HEAD
=======

BUNDLED WITH
   1.12.5
>>>>>>> 1db03216aed9e8b39b4423ca4e9bfa6b43be4d96
